PATH
  remote: .
  specs:
    sunspot_matchers_testunit (1.1)

GEM
  remote: http://rubygems.org/
  specs:
    builder (3.0.0)
    escape (0.0.4)
    pr_geohash (1.0.0)
    rake (0.8.7)
    rsolr (0.12.1)
      builder (>= 2.1.2)
    sunspot (1.2.1)
      escape (= 0.0.4)
      pr_geohash (~> 1.0)
      rsolr (= 0.12.1)

PLATFORMS
  ruby

DEPENDENCIES
  bundler (>= 1.0.0)
  rake
  sunspot (~> 1.2.1)
  sunspot_matchers_testunit!
